GIT
  remote: git://github.com/activeadmin/activeadmin.git
  revision: 15649e4681677c5e0c867878ac3e7deb7dd6d981
  branch: 0-6-stable
  specs:
    activeadmin (0.6.6)
      arbre (~> 1.0)
      bourbon (>= 1.0.0, < 4)
      devise (>= 1.5.4, < 4)
      formtastic (~> 2.0)
      inherited_resources (~> 1.3)
      jquery-rails (>= 1.0.0, < 3)
      kaminari (~> 0.13, != 0.15.0)
      meta_search (~> 1.0)
      rails (>= 3.0.0, < 4)
      sass (~> 3.1)

GIT
  remote: git://github.com/akradev/jquery-cookie-rails.git
  revision: cb258d3869bb3faf20e0f8691c2f1aa0512172eb
  specs:
    jquery-cookie-rails (1.3.1)
      jquery-rails (>= 2.0, < 4.0)
      railties (>= 3.2.0, < 5.0)
      thor (~> 0.14)
      version (~> 1.0)

GIT
  remote: git://github.com/alexdunae/validates_email_format_of.git
  revision: 46b832f7c778cc73f45ebc84cffba03c33294928
  specs:
    validates_email_format_of (1.5.3)

GIT
  remote: git://github.com/bcardarella/client_side_validations.git
  revision: 56bdafa7502e3aba899a9ce56784392e3d8b0566
  branch: 3-2-stable
  specs:
    client_side_validations (3.2.6)

GIT
  remote: git://github.com/kaktusyaka/barby.git
  revision: 986fbb7b8caea55f9808107352680386746fdd05
  specs:
    barby (0.5.0)

GIT
  remote: git://github.com/kaktusyaka/dynamic_form.git
  revision: 9c82a9dc7eafe3eb789402c635a893591a7e36e9
  specs:
    dynamic_form (1.1.3)

GIT
  remote: git://github.com/kaktusyaka/email-veracity.git
  revision: f592f6477b6adbee49acff948b2bb6b0c392c140
  specs:
    email_veracity (0.6.1)
      activemodel (>= 3.0)

GIT
  remote: git://github.com/kaktusyaka/rails-jasny-bootstrap-extension.git
  revision: 10586729e92272db2dcd5ffe173940ef503e1675
  specs:
    rails-jasny-bootstrap-extension (0.0.1)

GIT
  remote: git://github.com/oceanshq/datejs-rails.git
  revision: 358c9c514efea6a65ff4c0ce8ff9cfa65d4c3bc9
  specs:
    datejs-rails (2.0.1)
      railties (>= 3.1)

GIT
  remote: git://github.com/perfectline/validates_existence.git
  revision: 5119e3deff8c6a8f75e85e8b978fb70a43f81244
  specs:
    validates_existence (0.9.1)
      activerecord

GIT
  remote: git://github.com/ryanb/nested_form.git
  revision: 35a2cf060680280413880337a3f89bdec469301c
  specs:
    nested_form (0.3.2)

GIT
  remote: git://github.com/stripe/stripe-ruby.git
  revision: 294d6c63b3aa5d63d03f58872622c732a54b73bc
  specs:
    stripe (1.8.8)
      multi_json (>= 1.0.4, < 2)
      rest-client (~> 1.4)

GIT
  remote: git://github.com/waynerobinson/xeroizer.git
  revision: 7a3f1e1cf84854948146299565d619d2a36a8e15
  specs:
    xeroizer (2.15.9)
      activesupport
      builder (>= 2.1.2)
      i18n
      nokogiri
      oauth (>= 0.4.5)
      tzinfo

GEM
  remote: http://rubygems.org/
  specs:
    aasm (3.2.0)
    actionmailer (3.2.22.2)
      actionpack (= 3.2.22.2)
      mail (~> 2.5.4)
    actionpack (3.2.22.2)
      activemodel (= 3.2.22.2)
      activesupport (= 3.2.22.2)
      builder (~> 3.0.0)
      erubis (~> 2.7.0)
      journey (~> 1.0.4)
      rack (~> 1.4.5)
      rack-cache (~> 1.2)
      rack-test (~> 0.6.1)
      sprockets (~> 2.2.1)
    active_utils (2.0.1)
      activesupport (>= 2.3.11)
      i18n
    activemerchant (1.41.0)
      active_utils (~> 2.0, >= 2.0.1)
      activesupport (>= 2.3.14, < 5.0.0)
      builder (>= 2.1.2, < 4.0.0)
      i18n (~> 0.5)
      json (~> 1.7)
      money (< 6.0.0)
      nokogiri (~> 1.4)
    activemodel (3.2.22.2)
      activesupport (= 3.2.22.2)
      builder (~> 3.0.0)
    activerecord (3.2.22.2)
      activemodel (= 3.2.22.2)
      activesupport (= 3.2.22.2)
      arel (~> 3.0.2)
      tzinfo (~> 0.3.29)
    activeresource (3.2.22.2)
      activemodel (= 3.2.22.2)
      activesupport (= 3.2.22.2)
    activesupport (3.2.22.2)
      i18n (~> 0.6, >= 0.6.4)
      multi_json (~> 1.0)
    acts-as-taggable-on (2.4.1)
      rails (>= 3, < 5)
    acts_as_paranoid (0.4.3)
      activerecord (~> 3.2)
    addressable (2.3.6)
    apipie-rails (0.2.0)
      json
      rails (>= 3.0.10)
    arbre (1.0.3)
      activesupport (>= 3.0.0)
    arel (3.0.3)
    bcrypt (3.1.7)
    best_in_place (2.1.0)
      jquery-rails
      rails (~> 3.1)
    better_errors (1.0.1)
      coderay (>= 1.0.0)
      erubis (>= 2.6.6)
    binding_of_caller (0.7.2)
      debug_inspector (>= 0.0.1)
    bootbox-rails (0.2.0)
    bootstrap-datepicker-rails (1.1.1.9)
      railties (>= 3.0)
    bourbon (3.2.4)
      sass (~> 3.2)
      thor
    builder (3.0.4)
    bullet (4.11.0)
      activesupport
      uniform_notifier (~> 1.6.0)
    byebug (4.0.1)
      columnize (= 0.9.0)
      rb-readline (= 0.5.2)
    cancan (1.6.10)
    capybara (2.3.0)
      mime-types (>= 1.16)
      nokogiri (>= 1.3.3)
      rack (>= 1.0.0)
      rack-test (>= 0.5.4)
      xpath (~> 2.0)
    childprocess (0.5.3)
      ffi (~> 1.0, >= 1.0.11)
    clear_migrations (0.0.11)
    client_side_validations-simple_form (2.1.0)
      client_side_validations (~> 3.2.5)
      simple_form (~> 2.1.0)
    climate_control (0.0.3)
      activesupport (>= 3.0)
    cocaine (0.5.3)
      climate_control (>= 0.0.3, < 1.0)
    coderay (1.1.0)
    coffee-rails (3.2.2)
      coffee-script (>= 2.2.0)
      railties (~> 3.2.0)
    coffee-script (2.3.0)
      coffee-script-source
      execjs
    coffee-script-source (1.7.1)
    columnize (0.9.0)
    combined_time_select (1.0.1)
    country_select (1.2.0)
    database_cleaner (1.2.0)
    debug_inspector (0.0.2)
    deep_cloneable (2.0.0)
      activerecord (>= 3.1.0, < 5.0.0)
    delayed_job (4.0.0)
      activesupport (>= 3.0, < 4.1)
    delayed_job_active_record (4.0.0)
      activerecord (>= 3.0, < 4.1)
      delayed_job (>= 3.0, < 4.1)
    devise (3.2.4)
      bcrypt (~> 3.0)
      orm_adapter (~> 0.1)
      railties (>= 3.2.6, < 5)
      thread_safe (~> 0.1)
      warden (~> 1.2.3)
    diff-lcs (1.2.5)
    docile (1.1.3)
    draper (1.3.0)
      actionpack (>= 3.0)
      activemodel (>= 3.0)
      activesupport (>= 3.0)
      request_store (~> 1.0.3)
    dygraphs-rails (0.0.1)
    easy_as_pie (0.1.2)
      rails (>= 3.0)
    email_spec (1.6.0)
      launchy (~> 2.1)
      mail (~> 2.2)
    enumerize (0.7.0)
      activesupport (>= 3.2)
    epay (0.0.6)
      activesupport (~> 3)
      builder (~> 3)
      rest-client (~> 1.6.0)
    erubis (2.7.0)
    execjs (2.2.1)
    factory_girl (4.3.0)
      activesupport (>= 3.0.0)
    factory_girl_rails (4.3.0)
      factory_girl (~> 4.3.0)
      railties (>= 3.0.0)
    faker (1.3.0)
      i18n (~> 0.5)
    faraday (0.9.2)
      multipart-post (>= 1.2, < 3)
    faraday_middleware (0.10.0)
      faraday (>= 0.7.4, < 0.10)
    ffi (1.9.3)
    figaro (0.7.0)
      bundler (~> 1.0)
      rails (>= 3, < 5)
    formtastic (2.3.1)
      actionpack (>= 3.0)
    fullcalendar-rails (1.6.4.0)
    gibbon (1.0.4)
      httparty
      multi_json (>= 1.3.4)
    gon (4.1.1)
      actionpack (>= 2.3.0)
      json
    haml (4.0.5)
      tilt
    has_scope (0.6.0.rc)
      actionpack (>= 3.2, < 5)
      activesupport (>= 3.2, < 5)
    hike (1.2.3)
    httparty (0.12.0)
      json (~> 1.8)
      multi_xml (>= 0.5.2)
    i18n (0.6.11)
    i18n-js (2.1.2)
      i18n
    inherited_resources (1.5.0)
      has_scope (~> 0.6.0.rc)
      responders (~> 1.0)
    journey (1.0.4)
    jquery-rails (2.3.0)
      railties (>= 3.0, < 5.0)
      thor (>= 0.14, < 2.0)
    jquery-slimscroll-rails (1.0.9)
    jquery-tmpl-rails (1.1.0)
      rails (>= 3.1.0)
    jquery-ui-rails (4.1.0)
      railties (>= 3.1.0)
    js-routes (0.9.2)
      rails (>= 3.2)
    json (1.8.3)
    json2-rails (1.0.0)
    kaminari (0.16.1)
      actionpack (>= 3.0.0)
      activesupport (>= 3.0.0)
    kaminari-bootstrap (0.1.3)
      kaminari (>= 0.13.0)
      rails
    kaminari-i18n (0.1.3)
      rails
    launchy (2.4.2)
      addressable (~> 2.3)
    letter_opener (1.2.0)
      launchy (~> 2.2)
    mail (2.5.4)
      mime-types (~> 1.16)
      treetop (~> 1.4.8)
    meta_search (1.1.3)
      actionpack (~> 3.1)
      activerecord (~> 3.1)
      activesupport (~> 3.1)
      polyamorous (~> 0.5.0)
    method_source (0.8.2)
    mime-types (1.25.1)
    mini_portile (0.6.0)
    modernizr-rails (2.6.2.3)
    money (5.1.1)
      i18n (~> 0.6.0)
    multi_json (1.11.2)
    multi_xml (0.5.5)
    multipart-post (2.0.0)
    nokogiri (1.6.3.1)
      mini_portile (= 0.6.0)
    oauth (0.4.7)
    orm_adapter (0.5.0)
    paper_trail (3.0.6)
      activerecord (>= 3.0, < 5.0)
      activesupport (>= 3.0, < 5.0)
    paperclip (3.5.2)
      activemodel (>= 3.0.0)
      activesupport (>= 3.0.0)
      cocaine (~> 0.5.3)
      mime-types
    pg (0.15.1)
    pg_search (0.7.4)
      activerecord (>= 3.1)
      activesupport (>= 3.1)
      arel
    polyamorous (0.5.0)
      activerecord (~> 3.0)
    polyglot (0.3.5)
    power_assert (0.2.4)
    prettyphoto-rails (0.2.1)
      jquery-rails
      rails (>= 3.1)
      sass-rails
      uglifier
    pry (0.10.1)
      coderay (~> 1.1.0)
      method_source (~> 0.8.1)
      slop (~> 3.4)
    pry-byebug (3.1.0)
      byebug (~> 4.0)
      pry (~> 0.10)
    pry-rails (0.3.2)
      pry (>= 0.9.10)
    puma (2.11.3)
      rack (>= 1.1, < 2.0)
    qif (1.1.1)
    quiet_assets (1.0.2)
      railties (>= 3.1, < 5.0)
    rabl-rails (0.3.3)
      activesupport (~> 3.0)
      railties (~> 3.0)
    rack (1.4.7)
    rack-attack (4.3.0)
      rack
    rack-cache (1.6.1)
      rack (>= 0.4)
    rack-mini-profiler (0.9.2)
      rack (>= 1.1.3)
    rack-ssl (1.3.4)
      rack
    rack-test (0.6.3)
      rack (>= 1.0)
    rails (3.2.22.2)
      actionmailer (= 3.2.22.2)
      actionpack (= 3.2.22.2)
      activerecord (= 3.2.22.2)
      activeresource (= 3.2.22.2)
      activesupport (= 3.2.22.2)
      bundler (~> 1.0)
      railties (= 3.2.22.2)
    rails-bootstrap-toggle-buttons (0.0.7)
    railties (3.2.22.2)
      actionpack (= 3.2.22.2)
      activesupport (= 3.2.22.2)
      rack-ssl (~> 1.3.2)
      rake (>= 0.8.7)
      rdoc (~> 3.4)
      thor (>= 0.14.6, < 2.0)
    rake (10.5.0)
    ransack (1.2.0)
      actionpack (>= 3.0)
      activerecord (>= 3.0)
      activesupport (>= 3.0)
      i18n
    rb-readline (0.5.2)
    rdoc (3.12.2)
      json (~> 1.4)
    request_store (1.0.5)
    responders (1.1.0)
      railties (>= 3.2, < 5)
    rest-client (1.6.7)
      mime-types (>= 1.16)
    roo (2.0.0)
      nokogiri (~> 1)
      rubyzip (~> 1.1, < 2.0.0)
    roo-xls (1.0.0)
      nokogiri
      roo (>= 2.0.0beta1, < 3)
      spreadsheet (> 0.9.0)
    rspec (2.99.0)
      rspec-core (~> 2.99.0)
      rspec-expectations (~> 2.99.0)
      rspec-mocks (~> 2.99.0)
    rspec-collection_matchers (1.0.0)
      rspec-expectations (>= 2.99.0.beta1)
    rspec-core (2.99.1)
    rspec-expectations (2.99.1)
      diff-lcs (>= 1.1.3, < 2.0)
    rspec-mocks (2.99.1)
    rspec-rails (2.99.0)
      actionpack (>= 3.0)
      activemodel (>= 3.0)
      activesupport (>= 3.0)
      railties (>= 3.0)
      rspec-collection_matchers
      rspec-core (~> 2.99.0)
      rspec-expectations (~> 2.99.0)
      rspec-mocks (~> 2.99.0)
    rspec-retry (0.3.0)
      rspec
    ruby-ole (1.2.11.8)
    rubyzip (1.1.4)
    sass (3.4.21)
    sass-rails (3.2.6)
      railties (~> 3.2.0)
      sass (>= 3.1.10)
      tilt (~> 1.3)
    select2-rails (3.5.9.1)
      thor (~> 0.14)
    selenium-webdriver (2.42.0)
      childprocess (>= 0.5.0)
      multi_json (~> 1.0)
      rubyzip (~> 1.0)
      websocket (~> 1.0.4)
    shoulda-matchers (2.6.1)
      activesupport (>= 3.0.0)
    simple_form (2.1.0)
      actionpack (~> 3.0)
      activemodel (~> 3.0)
    simplecov (0.8.2)
      docile (~> 1.1.0)
      multi_json
      simplecov-html (~> 0.8.0)
    simplecov-html (0.8.0)
    slop (3.6.0)
    spreadsheet (1.0.9)
      ruby-ole (>= 1.0)
    sprockets (2.2.3)
      hike (~> 1.2)
      multi_json (~> 1.0)
      rack (~> 1.0)
      tilt (~> 1.1, != 1.3.0)
    squeel (1.0.18)
      activerecord (~> 3.0)
      activesupport (~> 3.0)
      polyamorous (~> 0.5.0)
    test-unit (3.1.3)
      power_assert
    thor (0.19.1)
    thread_safe (0.3.4)
    tilt (1.4.1)
    time_diff (0.3.0)
      activesupport
      i18n
    timeliness (0.3.7)
    touchpunch-rails (1.0.1)
      railties (>= 3.1, < 4.1)
    treetop (1.4.15)
      polyglot
      polyglot (>= 0.3.1)
    turbo-sprockets-rails3 (0.3.10)
      railties (> 3.2.8, < 4.0.0)
      sprockets (>= 2.0.0)
    turnout (0.2.5)
      nokogiri (~> 1.3)
      rack
    twitter-bootstrap-rails (2.2.8)
      actionpack (>= 3.1)
      execjs
      rails (>= 3.1)
      railties (>= 3.1)
    tzinfo (0.3.46)
    uglifier (2.5.3)
      execjs (>= 0.3.0)
      json (>= 1.8.0)
    uniform_notifier (1.6.2)
    unscoped_associations (0.6.4)
      activerecord
    validate_url (0.2.0)
      activemodel (>= 3.0.0)
    validates_timeliness (3.0.14)
      timeliness (~> 0.3.6)
    version (1.0.0)
    warden (1.2.3)
      rack (>= 1.0)
    websocket (1.0.7)
    wicked_pdf (0.11.0)
      rails
    wkhtmltopdf-binary (0.9.9.1)
    xpath (2.0.0)
      nokogiri (~> 1.3)

PLATFORMS
  ruby

DEPENDENCIES
  aasm
  activeadmin!
  activemerchant
  acts-as-taggable-on
  acts_as_paranoid
  apipie-rails
  barby!
  best_in_place
  better_errors
  binding_of_caller
  bootbox-rails
  bootstrap-datepicker-rails
  bullet
  cancan
  capybara
  clear_migrations
  client_side_validations!
  client_side_validations-simple_form
  coffee-rails
  combined_time_select (~> 1.0.1)
  country_select
  database_cleaner
  datejs-rails!
  deep_cloneable (~> 2.0.0)
  delayed_job_active_record
  devise
  draper (~> 1.0)
  dygraphs-rails
  dynamic_form!
  easy_as_pie
  email_spec
  email_veracity!
  enumerize
  epay
  factory_girl_rails (~> 4.0)
  faker
  faraday
  faraday_middleware
  figaro
  fullcalendar-rails
  gibbon
  gon
  haml
  i18n-js
  inherited_resources
  jquery-cookie-rails!
  jquery-rails (= 2.3.0)
  jquery-slimscroll-rails
  jquery-tmpl-rails
  jquery-ui-rails
  js-routes
  json2-rails
  kaminari-bootstrap (~> 0.1.3)
  kaminari-i18n
  letter_opener
  modernizr-rails
  nested_form!
  paper_trail (~> 3.0.6)
  paperclip (= 3.5.2)
  pg
  pg_search
  prettyphoto-rails
  pry-byebug
  pry-rails
  puma
  qif
  quiet_assets
  rabl-rails
  rack-attack
  rack-mini-profiler
  rails (~> 3.2.22)
  rails-bootstrap-toggle-buttons
  rails-jasny-bootstrap-extension!
  ransack
  roo
  roo-xls
  rspec-rails (= 2.99.0)
  rspec-retry
  sass-rails
  select2-rails
  selenium-webdriver
  shoulda-matchers (~> 2.6.1)
  simple_form
  simplecov
  squeel (= 1.0.18)
  stripe (~> 1.8.4)!
  test-unit (~> 3.0)
  time_diff
  touchpunch-rails
  turbo-sprockets-rails3
  turnout
  twitter-bootstrap-rails
  uglifier (>= 1.0.3)
  unscoped_associations
  validate_url
  validates_email_format_of!
  validates_existence!
  validates_timeliness
  wicked_pdf
  wkhtmltopdf-binary
  xeroizer!
